GEM
  remote: http://rubygems.org/
  specs:
    BlinkyTape (0.0.2)
      serialport
    activesupport (4.1.11)
      i18n (~> 0.6, >= 0.6.9)
      json (~> 1.7, >= 1.7.7)
      minitest (~> 5.1)
      thread_safe (~> 0.1)
      tzinfo (~> 1.1)
    color (1.8)
    concurrent-ruby (1.1.5)
    daemons (1.2.3)
    i18n (0.9.5)
      concurrent-ruby (~> 1.0)
    json (1.8.6)
    minitest (5.12.2)
    serialport (1.3.1)
    thread_safe (0.3.6)
    time_difference (0.4.2)
      activesupport
    tzinfo (1.2.5)
      thread_safe (~> 0.1)

PLATFORMS
  ruby

DEPENDENCIES
  BlinkyTape
  activesupport
  color
  daemons
  time_difference

BUNDLED WITH
   1.11.2
