GEM
  remote: http://rubygems.org/
  specs:
    BlinkyTape (0.0.2)
      serialport
    activesupport (6.1.7.1)
      concurrent-ruby (~> 1.0, >= 1.0.2)
      i18n (>= 1.6, < 2)
      minitest (>= 5.1)
      tzinfo (~> 2.0)
      zeitwerk (~> 2.3)
    color (1.8)
    concurrent-ruby (1.1.10)
    daemons (1.2.3)
    i18n (1.12.0)
      concurrent-ruby (~> 1.0)
    minitest (5.17.0)
    serialport (1.3.1)
    time_difference (0.4.2)
      activesupport
    tzinfo (2.0.5)
      concurrent-ruby (~> 1.0)
    zeitwerk (2.6.6)

PLATFORMS
  ruby

DEPENDENCIES
  BlinkyTape
  activesupport
  color
  daemons
  time_difference

BUNDLED WITH
   1.11.2
