GEM
  remote: http://rubygems.org/
  specs:
    BlinkyTape (0.0.2)
      serialport
    activesupport (6.0.6.1)
      concurrent-ruby (~> 1.0, >= 1.0.2)
      i18n (>= 0.7, < 2)
      minitest (~> 5.1)
      tzinfo (~> 1.1)
      zeitwerk (~> 2.2, >= 2.2.2)
    color (1.8)
    concurrent-ruby (1.2.0)
    daemons (1.2.3)
    i18n (1.12.0)
      concurrent-ruby (~> 1.0)
    minitest (5.17.0)
    serialport (1.3.1)
    thread_safe (0.3.6)
    time_difference (0.4.2)
      activesupport
    tzinfo (1.2.11)
      thread_safe (~> 0.1)
    zeitwerk (2.6.6)

PLATFORMS
  ruby

DEPENDENCIES
  BlinkyTape
  activesupport
  color
  daemons
  time_difference

BUNDLED WITH
   1.11.2
