GEM
  remote: http://rubygems.org/
  specs:
    BlinkyTape (0.0.2)
      serialport
    activesupport (3.2.22)
      i18n (~> 0.6, >= 0.6.4)
      multi_json (~> 1.0)
    color (1.8)
    i18n (0.7.0)
    multi_json (1.11.2)
    serialport (1.3.1)
    time_difference (0.4.2)
      activesupport

PLATFORMS
  ruby

DEPENDENCIES
  BlinkyTape
  activesupport
  color
  time_difference

BUNDLED WITH
   1.11.2
